##TITLE= Parameter file, TopSpin 3.5 pl 7
##JCAMPDX= 5.0
##DATATYPE= Parameter Values
##NPOINTS= 567814	$$ modification sequence number
##ORIGIN= Bruker BioSpin GmbH
##OWNER= nmrsu
$$ 2023-04-22 10:18:35.008 +0800  zhangx@Bruker850
$$ C:/Bruker/TopSpin3.5pl7/conf/instr/spect/specpar
$$ process C:\Bruker\TopSpin3.5pl7\prog\mod\hconfserver.exe
##$ANCIEN= (0..7)
0 0 0 0 0 0 0 0
##$BF1= 100.13
##$BF2= 100.13
##$BF3= 100.13
##$DEC= 1
##$DECB= 1
##$DEF19F= yes
##$DEFRSEL= yes
##$HPMOD= (0..7)
0 0 0 0 0 0 0 0
##$HPPRECH= (0..15)
-1 -1 -1 -1 -1 -1 -1 -1 -1 -1 -1 -1 -1 -1 -1 -1
##$HPSELECT= no
##$LOCSW19F= -1
##$LOCSW2H= -1
##$NUC1= 1
##$NUC2= 0
##$NUC3= 0
##$NUC4= 0
##$NUC5= 0
##$NUC6= 0
##$NUC7= 0
##$NUC8= 0
##$NUCARR= (0..123)
850.303 850.303 130.526687655 906.966970841 647.756038194 125.131320741
330.460031805 119.482987493 91.353646284 272.810993441 213.808859411 61.424910872
86.160454723 115.270960565 800.084198353 67.125435717 224.921299257 52.052446054
221.562253783 168.931287077 344.208963648 65.26925828 83.311914164 69.348374347
39.67830961 21.778853254 57.225638488 206.553453493 47.936120728 47.948900782
84.777836536 223.654755932 48.063343063 210.783464331 27.530923467 201.752022034
75.983509735 225.461862383 241.51745369 53.201783613 204.084233103 259.314389013
29.661247094 145.59410052 162.165647184 44.366446698 213.034743559 229.63723275
32.716258228 82.096269977 278.223001976 36.850618481 41.6665306 79.046700783
208.121607795 55.413617286 56.576568196 191.388971228 39.157737108 43.887275448
27.094454434 38.910715583 34.418726392 39.569130705 180.395862904 188.70923282
185.925170738 186.323741766 278.208504309 302.982167245 317.083362615 203.482414148
110.192610928 222.522101318 268.2686323 170.124253683 236.470845864 70.098307581
111.52694891 84.472985905 94.493560172 112.191528729 120.110749192 260.3627786
46.3415135 28.5701808 35.4576351 29.2504232 211.3853258 93.3632694 26.1043021
34.2672109 204.4128412 29.2504232 40.9846046 181.4546602 24.4887264 70.4901187
148.797123897 40.99310763 96.96855412 69.13813693 34.07164121 21.40212651
101.947928488 35.426913653 191.527349538 193.457537348 19.406728963 66.029429162
14.60820554 15.90916913 182.787799256 14.70173887 152.296256791 56.218488596
485.720283296 490.487405029 177.888480915 136.637637943 15.657479442 100
100 100
##$NUCOFFS= (0..127)
<1H> <15N> <13C> <14N> <2H> <31P> <> <> <> <> <> <> <> <> <> <> <> <> <>
<> <> <> <> <> <> <> <> <> <> <> <> <> <> <> <> <> <> <> <> <> <> <> <>
<> <> <> <> <> <> <> <> <> <> <> <> <> <> <> <> <> <> <> <> <> <> <> <>
<> <> <> <> <> <> <> <> <> <> <> <> <> <> <> <> <> <> <> <> <> <> <> <>
<> <> <> <> <> <> <> <> <> <> <> <> <> <> <> <> <> <> <> <> <> <> <> <>
<> <> <> <> <> <> <> <> <> <> <> <> <>
##$OBS= 1
##$OFFS= (0..127)
3996.42 10425.42 21595.11 0 3996.42 0 0 0 0 0 0 0 0 0 0 0 0 0 0 0 0 0 0
0 0 0 0 0 0 0 0 0 0 0 0 0 0 0 0 0 0 0 0 0 0 0 0 0 0 0 0 0 0 0 0 0 0 0 0
0 0 0 0 0 0 0 0 0 0 0 0 0 0 0 0 0 0 0 0 0 0 0 0 0 0 0 0 0 0 0 0 0 0 0 0
0 0 0 0 0 0 0 0 0 0 0 0 0 0 0 0 0 0 0 0 0 0 0 0 0 0 0 0 0 0 0 0 0
##$OFFSF= (0..7)
0 0 0 0 0 0 0 0
##$OFFSH= (0..7)
7268.29999996426 3324.7000000074 0 0 0 0 0 0
##$OFFSX= (0..7)
8125.10000000088 10295.9000000027 948.599999986754 0 0 0 0 0
##$OFFSXAS= (0..7)
0 0 0 0 0 0 0 0
##$OFSF1= 0
##$OFSF2= 0
##$OFSH1= 0
##$OFSH2= 0
##$OFSH3= 0
##$OFSX1= 0
##$OFSX2= 0
##$OFSY= 0
##$PACOIL= (0..15)
0 0 0 0 0 0 0 0 0 0 0 0 0 0 0 0
##$PRECHAN= (0..15)
-1 3 0 1 4 -1 -1 -1 -1 -1 -1 -1 -1 -1 -1 -1
##$RECPRE= (0..15)
-1 0 -1 -1 -1 -1 -1 -1 -1 -1 -1 -1 -1 -1 -1 -1
##$RECPRFX= (0..15)
1 0 0 0 0 0 0 0 0 0 0 0 0 0 0 0
##$RECSEL= (0..15)
0 0 0 0 1 0 0 0 0 0 0 0 0 0 0 0
##$SELREC= (0..9)
0 0 0 0 0 0 0 0 0 0
##$SFO1= 850.306993
##$SFO2= 850.303
##$SFO3= 850.303
##$SFO4= 850.303
##$SFO5= 850.308251
##$SFO6= 850.308251
##$SFO7= 850.308251
##$SFO8= 850.308251
##$TY= (0..123)
0 0 0 0 0 0 0 0 0 0 0 0 0 0 0 0 0 0 0 0 0 0 0 0 0 0 0 0 0 0 0 0 0 0 0 0
0 0 0 0 0 0 0 0 0 0 0 0 0 0 0 0 0 0 0 0 0 0 0 0 0 0 0 0 0 0 0 0 0 0 0 0
0 0 0 0 0 0 0 0 0 0 0 0 0 0 0 0 0 0 0 0 0 0 0 0 0 0 0 0 0 0 0 0 0 0 0 0
0 0 0 0 0 0 0 0 0 0 0 0 0 0 0 0
##END=
