##TITLE= Parameter file, TopSpin 3.6.5
##JCAMPDX= 5.0
##DATATYPE= Parameter Values
##NPOINTS= 51	$$ modification sequence number
##ORIGIN= Bruker BioSpin GmbH
##OWNER= zhangx
$$ 2023-08-14 11:30:01.692 +0800  dell@DESKTOP-0CB2C1B
$$ D:/Bruker/Topspin Data/850/GSH_20221228_850/24/pdata/1/procs
$$ process D:\Bruker\TopSpin3.6.5\prog\mod\getlim.exe
##$ABSF1= 0
##$ABSF2= 0
##$ABSG= 0
##$ABSL= 0
##$ALPHA= 0
##$AQORDER= 0
##$ASSFAC= 0
##$ASSFACI= 0
##$ASSFACX= 0
##$ASSWID= 0
##$AUNMP= <proc_1d>
##$AXLEFT= 0
##$AXNAME= <>
##$AXNUC= <1H>
##$AXRIGHT= 0
##$AXTYPE= 0
##$AXUNIT= <>
##$AZFE= 0.1
##$AZFW= 0.1
##$BCFW= 0
##$BC_mod= 0
##$BYTORDP= 0
##$COROFFS= 0
##$CY= 15
##$DATMOD= 1
##$DC= 0
##$DFILT= <>
##$DTYPP= 0
##$ERETIC= no
##$F1P= 0.399858446842054
##$F2P= -0.307583420647734
##$FCOR= 1
##$FTSIZE= 65536
##$FT_mod= 6
##$GAMMA= 0
##$GB= 0
##$INTBC= 1
##$INTSCL= 1
##$ISEN= 128
##$LB= 0.3
##$LEV0= 0
##$LPBIN= 0
##$MAXI= 1000
##$MC2= 0
##$MEAN= 0
##$ME_mod= 0
##$MI= 0.0001
##$MddCEXP= no
##$MddCT_SP= no
##$MddF180= no
##$MddLAMBDA= 0
##$MddMEMORY= 0
##$MddMERGE= 0
##$MddNCOMP= 0
##$MddNITER= 0
##$MddNOISE= 0
##$MddPHASE= 0
##$MddSEED= 0
##$MddSRSIZE= 0
##$Mdd_CsALG= 0
##$Mdd_CsLAMBDA= 0
##$Mdd_CsNITER= 0
##$Mdd_CsNORM= 0
##$Mdd_CsVE= no
##$Mdd_CsZF= 0
##$Mdd_LrLAMBDA= 0
##$Mdd_LrNITER= 0
##$Mdd_LrRANK= 0
##$Mdd_LrZF= 0
##$Mdd_mod= 0
##$NCOEF= 0
##$NC_proc= -11
##$NLEV= 6
##$NOISF1= -0.2035452
##$NOISF2= -0.2636077
##$NSP= 0
##$NTH_PI= 0
##$NZP= 0
##$OFFSET= 12.7615
##$PC= 0.0001
##$PHC0= -31.68407
##$PHC1= -80.575
##$PH_mod= 1
##$PKNL= yes
##$PPARMOD= 0
##$PPDIAG= 0
##$PPIPTYP= 0
##$PPMPNUM= 2147483647
##$PPRESOL= 1
##$PSCAL= 0
##$PSIGN= 2
##$PYNMP= <proc.py>
##$RDF1= 0
##$RDF2= 0
##$RDFWHM= 0
##$RDINT= 0
##$RDPOS= 0
##$REVERSE= no
##$SF= 850.302935359479
##$SI= 65536
##$SIGF1= 0.03837328
##$SIGF2= -0.07874864
##$SINO= 2759.392
##$SIOLD= 65536
##$SPECTYP= <>
##$SREF_mod= 1
##$SREGLST= <1H.CDCl3>
##$SSB= 0
##$STSI= 65536
##$STSR= 0
##$SW_p= 13586.9565217392
##$SYMM= 0
##$S_DEV= 0
##$TDeff= 32768
##$TDoff= 0
##$TI= <>
##$TILT= no
##$TM1= 0
##$TM2= 0
##$TOPLEV= 0
##$USERP1= <>
##$USERP10= <user>
##$USERP2= <>
##$USERP3= <>
##$USERP4= <>
##$USERP5= <>
##$USERP6= <userUSERP5 DEF user processing parameter 5$80004 255>
##$WDW= 1
##$XDIM= 0
##$YMAX_p= 401982683
##$YMIN_p= -26098976
##END=
